GEM
  remote: https://rubygems.org/
  specs:
    digest (3.1.0)

PLATFORMS
  ruby

DEPENDENCIES
  digest

BUNDLED WITH
   2.1.4
